PATH
  remote: .
  specs:
    gatherlogs (0.1.11)
      clamp (~> 1.3)
      mixlib-shellout (~> 2.4)
      paint (~> 2.0)
      sinatra
      string_utf8

GEM
  remote: https://rubygems.org/
  specs:
    clamp (1.3.0)
    mixlib-shellout (2.4.0)
    mustermann (1.0.3)
    paint (2.0.1)
    rack (2.0.5)
    rack-protection (2.0.4)
      rack
    rake (10.5.0)
    sinatra (2.0.4)
      mustermann (~> 1.0)
      rack (~> 2.0)
      rack-protection (= 2.0.4)
      tilt (~> 2.0)
    string_utf8 (0.1.1)
    tilt (2.0.8)
    version (1.1.1)

PLATFORMS
  ruby

DEPENDENCIES
  bundler (~> 1.16)
  gatherlogs!
  rake (~> 10.0)
  version (~> 1.1)

BUNDLED WITH
   1.16.4
