PATH
  remote: .
  specs:
    gatherlogs_reporter (1.2.8)
      clamp (~> 1.3)
      mixlib-shellout (~> 2.4)
      paint (~> 2.0)

GEM
  remote: https://rubygems.org/
  specs:
    ast (2.4.0)
    bump (0.8.0)
    clamp (1.3.1)
    diff-lcs (1.3)
    docile (1.3.1)
    jaro_winkler (1.5.2)
    json (2.2.0)
    mixlib-shellout (2.4.4)
    paint (2.1.0)
    parallel (1.17.0)
    parser (2.6.3.0)
      ast (~> 2.4.0)
    rainbow (3.0.0)
    rake (10.5.0)
    rspec (3.8.0)
      rspec-core (~> 3.8.0)
      rspec-expectations (~> 3.8.0)
      rspec-mocks (~> 3.8.0)
    rspec-core (3.8.2)
      rspec-support (~> 3.8.0)
    rspec-expectations (3.8.4)
      diff-lcs (>= 1.2.0, < 2.0)
      rspec-support (~> 3.8.0)
    rspec-mocks (3.8.1)
      diff-lcs (>= 1.2.0, < 2.0)
      rspec-support (~> 3.8.0)
    rspec-support (3.8.2)
    rubocop (0.70.0)
      jaro_winkler (~> 1.5.1)
      parallel (~> 1.10)
      parser (>= 2.6)
      rainbow (>= 2.2.2, < 4.0)
      ruby-progressbar (~> 1.7)
      unicode-display_width (>= 1.4.0, < 1.7)
    ruby-progressbar (1.10.0)
    simplecov (0.16.1)
      docile (~> 1.1)
      json (>= 1.8, < 3)
      simplecov-html (~> 0.10.0)
    simplecov-html (0.10.2)
    unicode-display_width (1.6.0)

PLATFORMS
  ruby

DEPENDENCIES
  bump
  bundler (>= 1.16)
  gatherlogs_reporter!
  rake (~> 10.0)
  rspec (~> 3.0)
  rubocop
  simplecov
