PATH
  remote: .
  specs:
    gatherlogs (0.1.5)
      clamp
      mixlib-shellout
      paint

GEM
  remote: https://rubygems.org/
  specs:
    clamp (1.3.0)
    mixlib-shellout (2.4.0)
    paint (2.0.1)
    rake (10.5.0)
    version (1.1.1)

PLATFORMS
  ruby

DEPENDENCIES
  bundler (~> 1.16)
  gatherlogs!
  rake (~> 10.0)
  version

BUNDLED WITH
   1.16.4
